GEM
  remote: http://rubygems.org/
  specs:
    rmagick (2.13.1)
    ruby-progressbar (0.0.10)

PLATFORMS
  ruby

DEPENDENCIES
  rmagick
  ruby-progressbar
